GEM
  remote: https://rubygems.org/
  specs:
    sorbet (0.5.11678)
      sorbet-static (= 0.5.11678)
    sorbet-static (0.5.11678-x86_64-linux)

PLATFORMS
  x86_64-linux

DEPENDENCIES
  sorbet

BUNDLED WITH
   2.4.13
